STORAGE: NONE
RESTRICTION: == net5.0
NUGET
  remote: https://api.nuget.org/v3/index.json
    Cocona (1.5)
      Cocona.Core (>= 1.5)
      Microsoft.Extensions.DependencyInjection (>= 3.1.1)
      Microsoft.Extensions.Hosting (>= 3.1.1)
      Microsoft.Extensions.Logging (>= 3.1.1)
    Cocona.Core (1.5)
      System.ComponentModel.Annotations (>= 4.7)
      System.Threading.Tasks.Extensions (>= 4.5.3)
    Dapper (2.0.35)
      System.Reflection.Emit.Lightweight (>= 4.7)
    DnsClient (1.3.2)
    Microsoft.CSharp (4.7)
    Microsoft.Data.SqlClient (2.0.1)
      Microsoft.Data.SqlClient.SNI.runtime (>= 2.0.1)
      Microsoft.Identity.Client (>= 4.14)
      Microsoft.IdentityModel.JsonWebTokens (>= 5.6)
      Microsoft.IdentityModel.Protocols.OpenIdConnect (>= 5.6)
      Microsoft.Win32.Registry (>= 4.7)
      System.Configuration.ConfigurationManager (>= 4.7)
      System.Diagnostics.DiagnosticSource (>= 4.7)
      System.Runtime.Caching (>= 4.7)
      System.Security.Principal.Windows (>= 4.7)
      System.Text.Encoding.CodePages (>= 4.7)
    Microsoft.Data.SqlClient.SNI.runtime (2.1.1)
    Microsoft.Extensions.Configuration (5.0)
      Microsoft.Extensions.Configuration.Abstractions (>= 5.0)
      Microsoft.Extensions.Primitives (>= 5.0)
    Microsoft.Extensions.Configuration.Abstractions (5.0)
      Microsoft.Extensions.Primitives (>= 5.0)
    Microsoft.Extensions.Configuration.Binder (5.0)
      Microsoft.Extensions.Configuration.Abstractions (>= 5.0)
    Microsoft.Extensions.Configuration.CommandLine (5.0)
      Microsoft.Extensions.Configuration (>= 5.0)
      Microsoft.Extensions.Configuration.Abstractions (>= 5.0)
    Microsoft.Extensions.Configuration.EnvironmentVariables (5.0)
      Microsoft.Extensions.Configuration (>= 5.0)
      Microsoft.Extensions.Configuration.Abstractions (>= 5.0)
    Microsoft.Extensions.Configuration.FileExtensions (5.0)
      Microsoft.Extensions.Configuration (>= 5.0)
      Microsoft.Extensions.Configuration.Abstractions (>= 5.0)
      Microsoft.Extensions.FileProviders.Abstractions (>= 5.0)
      Microsoft.Extensions.FileProviders.Physical (>= 5.0)
      Microsoft.Extensions.Primitives (>= 5.0)
    Microsoft.Extensions.Configuration.Json (5.0)
      Microsoft.Extensions.Configuration (>= 5.0)
      Microsoft.Extensions.Configuration.Abstractions (>= 5.0)
      Microsoft.Extensions.Configuration.FileExtensions (>= 5.0)
      Microsoft.Extensions.FileProviders.Abstractions (>= 5.0)
    Microsoft.Extensions.Configuration.UserSecrets (5.0)
      Microsoft.Extensions.Configuration.Abstractions (>= 5.0)
      Microsoft.Extensions.Configuration.Json (>= 5.0)
      Microsoft.Extensions.FileProviders.Abstractions (>= 5.0)
      Microsoft.Extensions.FileProviders.Physical (>= 5.0)
    Microsoft.Extensions.DependencyInjection (5.0)
      Microsoft.Extensions.DependencyInjection.Abstractions (>= 5.0)
    Microsoft.Extensions.DependencyInjection.Abstractions (5.0)
    Microsoft.Extensions.FileProviders.Abstractions (5.0)
      Microsoft.Extensions.Primitives (>= 5.0)
    Microsoft.Extensions.FileProviders.Physical (5.0)
      Microsoft.Extensions.FileProviders.Abstractions (>= 5.0)
      Microsoft.Extensions.FileSystemGlobbing (>= 5.0)
      Microsoft.Extensions.Primitives (>= 5.0)
    Microsoft.Extensions.FileSystemGlobbing (5.0)
    Microsoft.Extensions.Hosting (5.0)
      Microsoft.Extensions.Configuration (>= 5.0)
      Microsoft.Extensions.Configuration.Abstractions (>= 5.0)
      Microsoft.Extensions.Configuration.Binder (>= 5.0)
      Microsoft.Extensions.Configuration.CommandLine (>= 5.0)
      Microsoft.Extensions.Configuration.EnvironmentVariables (>= 5.0)
      Microsoft.Extensions.Configuration.FileExtensions (>= 5.0)
      Microsoft.Extensions.Configuration.Json (>= 5.0)
      Microsoft.Extensions.Configuration.UserSecrets (>= 5.0)
      Microsoft.Extensions.DependencyInjection (>= 5.0)
      Microsoft.Extensions.DependencyInjection.Abstractions (>= 5.0)
      Microsoft.Extensions.FileProviders.Abstractions (>= 5.0)
      Microsoft.Extensions.FileProviders.Physical (>= 5.0)
      Microsoft.Extensions.Hosting.Abstractions (>= 5.0)
      Microsoft.Extensions.Logging (>= 5.0)
      Microsoft.Extensions.Logging.Abstractions (>= 5.0)
      Microsoft.Extensions.Logging.Configuration (>= 5.0)
      Microsoft.Extensions.Logging.Console (>= 5.0)
      Microsoft.Extensions.Logging.Debug (>= 5.0)
      Microsoft.Extensions.Logging.EventLog (>= 5.0)
      Microsoft.Extensions.Logging.EventSource (>= 5.0)
      Microsoft.Extensions.Options (>= 5.0)
    Microsoft.Extensions.Hosting.Abstractions (5.0)
      Microsoft.Extensions.Configuration.Abstractions (>= 5.0)
      Microsoft.Extensions.DependencyInjection.Abstractions (>= 5.0)
      Microsoft.Extensions.FileProviders.Abstractions (>= 5.0)
    Microsoft.Extensions.Http (5.0)
      Microsoft.Extensions.DependencyInjection.Abstractions (>= 5.0)
      Microsoft.Extensions.Logging (>= 5.0)
      Microsoft.Extensions.Logging.Abstractions (>= 5.0)
      Microsoft.Extensions.Options (>= 5.0)
    Microsoft.Extensions.Http.Polly (5.0)
      Microsoft.Extensions.Http (>= 5.0)
      Polly (>= 7.1)
      Polly.Extensions.Http (>= 3.0)
    Microsoft.Extensions.Logging (5.0)
      Microsoft.Extensions.DependencyInjection (>= 5.0)
      Microsoft.Extensions.DependencyInjection.Abstractions (>= 5.0)
      Microsoft.Extensions.Logging.Abstractions (>= 5.0)
      Microsoft.Extensions.Options (>= 5.0)
    Microsoft.Extensions.Logging.Abstractions (5.0)
    Microsoft.Extensions.Logging.Configuration (5.0)
      Microsoft.Extensions.Configuration (>= 5.0)
      Microsoft.Extensions.Configuration.Abstractions (>= 5.0)
      Microsoft.Extensions.Configuration.Binder (>= 5.0)
      Microsoft.Extensions.DependencyInjection.Abstractions (>= 5.0)
      Microsoft.Extensions.Logging (>= 5.0)
      Microsoft.Extensions.Logging.Abstractions (>= 5.0)
      Microsoft.Extensions.Options (>= 5.0)
      Microsoft.Extensions.Options.ConfigurationExtensions (>= 5.0)
    Microsoft.Extensions.Logging.Console (5.0)
      Microsoft.Extensions.Configuration.Abstractions (>= 5.0)
      Microsoft.Extensions.DependencyInjection.Abstractions (>= 5.0)
      Microsoft.Extensions.Logging (>= 5.0)
      Microsoft.Extensions.Logging.Abstractions (>= 5.0)
      Microsoft.Extensions.Logging.Configuration (>= 5.0)
      Microsoft.Extensions.Options (>= 5.0)
      Microsoft.Extensions.Options.ConfigurationExtensions (>= 5.0)
    Microsoft.Extensions.Logging.Debug (5.0)
      Microsoft.Extensions.DependencyInjection.Abstractions (>= 5.0)
      Microsoft.Extensions.Logging (>= 5.0)
      Microsoft.Extensions.Logging.Abstractions (>= 5.0)
    Microsoft.Extensions.Logging.EventLog (5.0)
      Microsoft.Extensions.DependencyInjection.Abstractions (>= 5.0)
      Microsoft.Extensions.Logging (>= 5.0)
      Microsoft.Extensions.Logging.Abstractions (>= 5.0)
      Microsoft.Extensions.Options (>= 5.0)
      System.Diagnostics.EventLog (>= 5.0)
    Microsoft.Extensions.Logging.EventSource (5.0)
      Microsoft.Extensions.DependencyInjection.Abstractions (>= 5.0)
      Microsoft.Extensions.Logging (>= 5.0)
      Microsoft.Extensions.Logging.Abstractions (>= 5.0)
      Microsoft.Extensions.Options (>= 5.0)
      Microsoft.Extensions.Primitives (>= 5.0)
    Microsoft.Extensions.Options (5.0)
      Microsoft.Extensions.DependencyInjection.Abstractions (>= 5.0)
      Microsoft.Extensions.Primitives (>= 5.0)
    Microsoft.Extensions.Options.ConfigurationExtensions (5.0)
      Microsoft.Extensions.Configuration.Abstractions (>= 5.0)
      Microsoft.Extensions.Configuration.Binder (>= 5.0)
      Microsoft.Extensions.DependencyInjection.Abstractions (>= 5.0)
      Microsoft.Extensions.Options (>= 5.0)
      Microsoft.Extensions.Primitives (>= 5.0)
    Microsoft.Extensions.Primitives (5.0)
    Microsoft.Identity.Client (4.22)
    Microsoft.IdentityModel.JsonWebTokens (6.8)
      Microsoft.IdentityModel.Tokens (>= 6.8)
    Microsoft.IdentityModel.Logging (6.8)
    Microsoft.IdentityModel.Protocols (6.8)
      Microsoft.IdentityModel.Logging (>= 6.8)
      Microsoft.IdentityModel.Tokens (>= 6.8)
    Microsoft.IdentityModel.Protocols.OpenIdConnect (6.8)
      Microsoft.IdentityModel.Protocols (>= 6.8)
      System.IdentityModel.Tokens.Jwt (>= 6.8)
    Microsoft.IdentityModel.Tokens (6.8)
      Microsoft.CSharp (>= 4.5)
      Microsoft.IdentityModel.Logging (>= 6.8)
      System.Security.Cryptography.Cng (>= 4.5)
    Microsoft.NETCore.Platforms (5.0)
    Microsoft.Win32.Registry (5.0)
      System.Security.AccessControl (>= 5.0)
      System.Security.Principal.Windows (>= 5.0)
    Microsoft.Win32.SystemEvents (5.0)
      Microsoft.NETCore.Platforms (>= 5.0)
    MongoDB.Bson (2.11.4)
    MongoDB.Driver (2.11.4)
      MongoDB.Bson (>= 2.11.4)
      MongoDB.Driver.Core (>= 2.11.4)
      MongoDB.Libmongocrypt (>= 1.0)
    MongoDB.Driver.Core (2.11.4)
      DnsClient (>= 1.3.1)
      MongoDB.Bson (>= 2.11.4)
      MongoDB.Libmongocrypt (>= 1.0)
      SharpCompress (>= 0.23)
      System.Buffers (>= 4.4)
    MongoDB.Libmongocrypt (1.0)
      NETStandard.Library (>= 1.6.1)
    NETStandard.Library (2.0.3)
      Microsoft.NETCore.Platforms (>= 1.1)
    Open.ChannelExtensions (3.5)
      System.Threading.Channels (>= 4.7.1)
    Polly (7.2.1)
    Polly.Extensions.Http (3.0)
      Polly (>= 7.1)
    SharpCompress (0.26)
      System.Text.Encoding.CodePages (>= 4.7.1)
    System.Buffers (4.5.1)
    System.ComponentModel.Annotations (5.0)
    System.Configuration.ConfigurationManager (5.0)
      System.Security.Cryptography.ProtectedData (>= 5.0)
      System.Security.Permissions (>= 5.0)
    System.Diagnostics.DiagnosticSource (5.0)
    System.Diagnostics.EventLog (5.0)
      Microsoft.NETCore.Platforms (>= 5.0)
      Microsoft.Win32.Registry (>= 5.0)
      System.Security.Principal.Windows (>= 5.0)
    System.Drawing.Common (5.0)
      Microsoft.Win32.SystemEvents (>= 5.0)
    System.Formats.Asn1 (5.0)
    System.IdentityModel.Tokens.Jwt (6.8)
      Microsoft.IdentityModel.JsonWebTokens (>= 6.8)
      Microsoft.IdentityModel.Tokens (>= 6.8)
    System.Reflection.Emit.Lightweight (4.7)
    System.Runtime.Caching (5.0)
      System.Configuration.ConfigurationManager (>= 5.0)
    System.Security.AccessControl (5.0)
      Microsoft.NETCore.Platforms (>= 5.0)
      System.Security.Principal.Windows (>= 5.0)
    System.Security.Cryptography.Cng (5.0)
      System.Formats.Asn1 (>= 5.0)
    System.Security.Cryptography.ProtectedData (5.0)
    System.Security.Permissions (5.0)
      System.Security.AccessControl (>= 5.0)
      System.Windows.Extensions (>= 5.0)
    System.Security.Principal.Windows (5.0)
    System.Text.Encoding.CodePages (5.0)
      Microsoft.NETCore.Platforms (>= 5.0)
    System.Text.Json (5.0)
    System.Threading.Channels (5.0)
    System.Threading.Tasks.Extensions (4.5.4)
    System.Windows.Extensions (5.0)
      System.Drawing.Common (>= 5.0)
